GEM
  specs:
    roronoa (1.0.4)

PLATFORMS
  ruby

DEPENDENCIES
  roronoa (~> 1.0.4)
